GEM
  remote: https://rubygems.org/
  specs:
    asciidoctor (1.5.8)
    asciidoctor-diagram (2.2.14)
      asciidoctor (>= 1.5.7, < 3.x)
      asciidoctor-diagram-ditaamini (~> 1.0)
      asciidoctor-diagram-plantuml (~> 1.2021)
      rexml
    asciidoctor-diagram-ditaamini (1.0.3)
    asciidoctor-diagram-plantuml (1.2023.10)
    asciidoctor-mermaid (0.4.1)
    coderay (1.1.3)
    rexml (3.2.6)

PLATFORMS
  arm64-darwin-22

DEPENDENCIES
  asciidoctor
  asciidoctor-diagram
  asciidoctor-mermaid
  coderay

BUNDLED WITH
   2.4.10
