GEM
  remote: https://rubygems.org/
  specs:
    asciidoctor (2.0.20)
    asciidoctor-kroki (0.8.0)
      asciidoctor (~> 2.0)
    coderay (1.1.3)

PLATFORMS
  arm64-darwin-22

DEPENDENCIES
  asciidoctor
  asciidoctor-kroki
  coderay

BUNDLED WITH
   2.4.10
