GEM
  remote: https://rubygems.org/
  specs:
    asciidoctor (2.0.20)
    asciidoctor-kroki (0.8.0)
      asciidoctor (~> 2.0)
    rouge (4.2.0)
    sqlite3 (1.6.7-arm64-darwin)

PLATFORMS
  arm64-darwin-22

DEPENDENCIES
  asciidoctor
  asciidoctor-kroki
  rouge
  sqlite3

BUNDLED WITH
   2.4.10
